GEM
  remote: http://www.rubygems.org/
  specs:
    activesupport (4.0.1)
      i18n (~> 0.6, >= 0.6.4)
      minitest (~> 4.2)
      multi_json (~> 1.3)
      thread_safe (~> 0.1)
      tzinfo (~> 0.3.37)
    atomic (1.1.14)
    atomic (1.1.14-java)
    beefcake (0.4.0)
    i18n (0.6.5)
    minitest (4.7.5)
    multi_json (1.8.2)
    protobuf (2.8.8)
      activesupport
      multi_json
      thor
    ruby-protocol-buffers (1.5.1)
    ruby_protobuf (0.4.11)
    thor (0.18.1)
    thread_safe (0.1.3)
      atomic
    thread_safe (0.1.3-java)
      atomic
    tzinfo (0.3.38)

PLATFORMS
  java
  ruby

DEPENDENCIES
  beefcake
  protobuf
  ruby-protocol-buffers
  ruby_protobuf
